PATH
  remote: .
  specs:
    jslint_on_rails (1.1.1)
      execjs (>= 1.3.2)
      hashie (>= 1.2.0)
      multi_json (>= 1.3.5)

GEM
  remote: http://rubygems.org/
  specs:
    diff-lcs (1.1.3)
    execjs (1.3.2)
      multi_json (~> 1.0)
    fakefs (0.3.2)
    hashie (1.2.0)
    multi_json (1.3.5)
    rake (0.9.2)
    rspec (2.6.0)
      rspec-core (~> 2.6.0)
      rspec-expectations (~> 2.6.0)
      rspec-mocks (~> 2.6.0)
    rspec-core (2.6.4)
    rspec-expectations (2.6.0)
      diff-lcs (~> 1.1.2)
    rspec-mocks (2.6.0)

PLATFORMS
  ruby

DEPENDENCIES
  fakefs (= 0.3.2)
  jslint_on_rails!
  rake
  rspec
